GEM
  remote: https://rubygems.org/
  specs:
    dotenv (2.7.6)
    mysql2 (0.5.3)

PLATFORMS
  x86_64-darwin-19

DEPENDENCIES
  dotenv (~> 2.7, >= 2.7.6)
  mysql2 (~> 0.5.3)

BUNDLED WITH
   2.2.27
